PATH
  remote: .
  specs:
    encrypted_env (0.0.1)
      encryptor
      thor

GEM
  remote: https://rubygems.org/
  specs:
    diff-lcs (1.1.3)
    encryptor (1.1.3)
    rspec (2.11.0)
      rspec-core (~> 2.11.0)
      rspec-expectations (~> 2.11.0)
      rspec-mocks (~> 2.11.0)
    rspec-core (2.11.1)
    rspec-expectations (2.11.2)
      diff-lcs (~> 1.1.3)
    rspec-mocks (2.11.1)
    thor (0.15.4)

PLATFORMS
  ruby

DEPENDENCIES
  encrypted_env!
  rspec (~> 2.0)
